PATH
  remote: .
  specs:
    jsdebug-rails (0.1.1)
      sprockets (= 2.0.0)
      thor (~> 0.14)
      tilt (~> 1.1, != 1.3.0)

GEM
  remote: http://rubygems.org/
  specs:
    hike (1.2.1)
    mocha (0.9.8)
      rake
    rack (1.3.2)
    rake (0.9.2)
    sprockets (2.0.0)
      hike (~> 1.2)
      rack (~> 1.0)
      tilt (~> 1.1, != 1.3.0)
    thor (0.14.6)
    tilt (1.3.3)

PLATFORMS
  ruby

DEPENDENCIES
  bundler (>= 1.0.0.rc.6)
  jsdebug-rails!
  mocha (= 0.9.8)
